GEM
  remote: https://rubygems.org/
  specs:
    coderay (1.1.3)
    colorize (0.8.1)
    dotenv (2.7.6)
    method_source (1.0.0)
    pry (0.13.1)
      coderay (~> 1.1)
      method_source (~> 1.0)
    tty-cursor (0.7.1)

PLATFORMS
  ruby

DEPENDENCIES
  colorize
  dotenv
  pry
  tty-cursor

BUNDLED WITH
   2.1.4
