GEM
  remote: https://rubygems.org/
  specs:
    colorize (0.8.1)
    tty-cursor (0.7.1)

PLATFORMS
  ruby

DEPENDENCIES
  colorize
  tty-cursor

BUNDLED WITH
   2.1.4
